GEM
  remote: http://rubygems.org/
  specs:
    CFPropertyList (2.2.8)
    activesupport (3.2.19)
      i18n (~> 0.6, >= 0.6.4)
      multi_json (~> 1.0)
    claide (0.7.0)
    clamp (0.6.3)
    cocoapods (0.34.0.rc2)
      activesupport (>= 3.2.15, < 4)
      claide (~> 0.7.0)
      cocoapods-core (= 0.34.0.rc2)
      cocoapods-downloader (~> 0.7.0)
      cocoapods-plugins (~> 0.3.1)
      cocoapods-trunk (~> 0.2.0)
      cocoapods-try (~> 0.4.0)
      colored (~> 1.2)
      escape (~> 0.0.4)
      json_pure (~> 1.8)
      nap (~> 0.8)
      open4 (~> 1.3)
      xcodeproj (~> 0.19.1)
    cocoapods-core (0.34.0.rc2)
      activesupport (>= 3.2.15)
      fuzzy_match (~> 2.0.4)
      json_pure (~> 1.8)
      nap (~> 0.8.0)
    cocoapods-coverage (0.0.3)
      cocoapods-testing (>= 0.0.4)
      slather
    cocoapods-downloader (0.7.0)
    cocoapods-packager (1.0.2)
    cocoapods-plugins (0.3.1)
      nap
    cocoapods-testing (0.0.6)
      xctasks
    cocoapods-trunk (0.2.0)
      json_pure (~> 1.8)
      nap (>= 0.8)
      netrc
    cocoapods-try (0.4.0)
    colored (1.2)
    escape (0.0.4)
    fuzzy_match (2.0.4)
    i18n (0.6.11)
    json_pure (1.8.1)
    mini_portile (0.6.0)
    multi_json (1.10.1)
    nap (0.8.0)
    netrc (0.7.7)
    nokogiri (1.6.3.1)
      mini_portile (= 0.6.0)
    open4 (1.3.4)
    rake (10.3.2)
    slather (1.3.0)
      clamp (~> 0.6)
      xcodeproj (~> 0.17)
    xcodeproj (0.19.1)
      CFPropertyList (~> 2.2)
      activesupport (~> 3.0)
      colored (~> 1.2)
    xcpretty (0.1.6)
    xctasks (0.4.1)
      nokogiri (~> 1.6, >= 1.6.3.1)
      rake (~> 10.0, >= 10.0.0)

PLATFORMS
  ruby

DEPENDENCIES
  cocoapods (>= 0.34.0.beta)
  cocoapods-coverage (>= 0.0.3)
  cocoapods-packager
  xcpretty
